GEM
  remote: https://rubygems.org/
  specs:
    artii (2.1.2)
    colorize (0.8.1)
    timers (4.3.2)

PLATFORMS
  ruby

DEPENDENCIES
  artii
  colorize
  timers

BUNDLED WITH
   2.1.4
