GEM
  remote: https://rubygems.org/
  specs:
    colorize (0.8.1)
    timers (4.3.2)

PLATFORMS
  ruby

DEPENDENCIES
  colorize
  timers

BUNDLED WITH
   2.1.4
